GEM
  remote: https://rubygems.org/
  specs:
    async (2.3.1)
      console (~> 1.10)
      io-event (~> 1.1)
      timers (~> 4.1)
    console (1.16.2)
      fiber-local
    fiber-local (1.0.0)
    io-event (1.1.6)
    timers (4.3.5)

PLATFORMS
  x86_64-linux

DEPENDENCIES
  async (~> 2.3)

BUNDLED WITH
   2.3.7
