GEM
  remote: https://rubygems.org/
  specs:
    async (2.4.1)
      console (~> 1.10)
      io-event (~> 1.1)
      timers (~> 4.1)
    async-container (0.16.12)
      async
      async-io
    async-io (1.34.3)
      async
    binding_of_caller (1.0.0)
      debug_inspector (>= 0.0.1)
    coderay (1.1.3)
    console (1.16.2)
      fiber-local
    debug_inspector (1.1.0)
    fiber-local (1.0.0)
    io-event (1.1.6)
    method_source (1.0.0)
    pry (0.14.2)
      coderay (~> 1.1)
      method_source (~> 1.0)
    pry-stack_explorer (0.6.1)
      binding_of_caller (~> 1.0)
      pry (~> 0.13)
    timers (4.3.5)

PLATFORMS
  x86_64-linux

DEPENDENCIES
  async
  async-container (~> 0.16.12)
  pry-stack_explorer

BUNDLED WITH
   2.3.7
